GEM
  remote: https://rubygems.org/
  specs:
    mail (2.6.3)
      mime-types (>= 1.16, < 3)
    mime-types (2.6.2)
    minitest (5.8.2)
    pony (1.11)
      mail (>= 2.0)
    redis (3.2.1)

PLATFORMS
  ruby

DEPENDENCIES
  minitest
  pony
  redis

BUNDLED WITH
   1.10.6
